PATH
  remote: .
  specs:
    sg-ruby (0.0.1)

GEM
  remote: https://rubygems.org/
  specs:
    ethon (0.6.1)
      ffi (>= 1.3.0)
      mime-types (~> 1.18)
    ffi (1.9.0)
    mime-types (1.25)
    oauth (0.4.7)
    rake (10.0.4)
    typhoeus (0.6.5)
      ethon (~> 0.6.1)

PLATFORMS
  ruby

DEPENDENCIES
  bundler (~> 1.3)
  oauth
  rake
  sg-ruby!
  typhoeus
